GEM
  remote: https://rubygems.org/
  specs:
    diff-lcs (1.5.1)
    io-console (0.5.11)
    irb (1.4.1)
      reline (>= 0.3.0)
    power_assert (1.1.3)
    reline (0.3.1)
      io-console (~> 0.5)
    rspec (3.13.0)
      rspec-core (~> 3.13.0)
      rspec-expectations (~> 3.13.0)
      rspec-mocks (~> 3.13.0)
    rspec-core (3.13.0)
      rspec-support (~> 3.13.0)
    rspec-expectations (3.13.0)
      diff-lcs (>= 1.2.0, < 2.0)
      rspec-support (~> 3.13.0)
    rspec-mocks (3.13.0)
      diff-lcs (>= 1.2.0, < 2.0)
      rspec-support (~> 3.13.0)
    rspec-support (3.13.0)
    test-unit (3.3.0)
      power_assert

PLATFORMS
  ruby

DEPENDENCIES
  irb
  rspec
  test-unit

BUNDLED WITH
   2.5.6
